GEM
  remote: https://rubygems.org/
  specs:
    ast (2.3.0)
    backports (3.10.3)
    cookstyle (2.1.0)
      rubocop (= 0.49.1)
    cucumber-core (3.1.0)
      backports (>= 3.8.0)
      cucumber-tag_expressions (~> 1.1.0)
      gherkin (>= 5.0.0)
    cucumber-tag_expressions (1.1.0)
    erubis (2.7.0)
    ffi-yajl (2.3.1)
      libyajl2 (~> 1.2)
    foodcritic (12.2.1)
      cucumber-core (>= 1.3)
      erubis
      ffi-yajl (~> 2.0)
      nokogiri (>= 1.5, < 2.0)
      rake
      rufus-lru (~> 1.0)
      treetop (~> 1.4)
    gherkin (5.0.0)
    libyajl2 (1.2.0)
    mini_portile2 (2.0.0)
    nokogiri (1.6.7.1)
      mini_portile2 (~> 2.0.0.rc2)
    parallel (1.12.0)
    parser (2.4.0.2)
      ast (~> 2.3)
    polyglot (0.3.5)
    powerpack (0.1.1)
    rainbow (2.2.2)
      rake
    rake (12.3.0)
    rake-foodcritic (0.0.3)
      foodcritic (>= 3.0.0)
      rake
    rubocop (0.49.1)
      parallel (~> 1.10)
      parser (>= 2.3.3.1, < 3.0)
      powerpack (~> 0.1)
      rainbow (>= 1.99.1, < 3.0)
      ruby-progressbar (~> 1.7)
      unicode-display_width (~> 1.0, >= 1.0.1)
    ruby-progressbar (1.9.0)
    rufus-lru (1.1.0)
    sophos-sg-rest (0.1.0)
    treetop (1.6.9)
      polyglot (~> 0.3)
    unicode-display_width (1.3.0)

PLATFORMS
  ruby

DEPENDENCIES
  cookstyle
  foodcritic
  nokogiri (= 1.6.7.1)
  rake-foodcritic
  sophos-sg-rest

BUNDLED WITH
   1.16.0
