GEM
  remote: https://rubygems.org/
  specs:
    ast (2.3.0)
    backports (3.6.8)
    cookstyle (0.0.1)
      rubocop (= 0.39.0)
    cucumber-core (2.0.0)
      backports (~> 3.6)
      gherkin (~> 4.0)
    erubis (2.7.0)
    foodcritic (7.1.0)
      cucumber-core (>= 1.3)
      erubis
      nokogiri (>= 1.5, < 2.0)
      rake
      rufus-lru (~> 1.0)
      treetop (~> 1.4)
      yajl-ruby (~> 1.1)
    gherkin (4.0.0)
    mini_portile2 (2.0.0)
    nokogiri (1.6.7.1)
      mini_portile2 (~> 2.0.0.rc2)
    parser (2.3.1.2)
      ast (~> 2.2)
    polyglot (0.3.5)
    powerpack (0.1.1)
    rainbow (2.1.0)
    rake (11.2.2)
    rake-foodcritic (0.0.3)
      foodcritic (>= 3.0.0)
      rake
    rubocop (0.39.0)
      parser (>= 2.3.0.7, < 3.0)
      powerpack (~> 0.1)
      rainbow (>= 1.99.1, < 3.0)
      ruby-progressbar (~> 1.7)
      unicode-display_width (~> 1.0, >= 1.0.1)
    ruby-progressbar (1.8.1)
    rufus-lru (1.1.0)
    sophos-sg-rest (0.1.0)
    treetop (1.6.8)
      polyglot (~> 0.3)
    unicode-display_width (1.1.1)
    yajl-ruby (1.3.1)

PLATFORMS
  ruby

DEPENDENCIES
  cookstyle
  foodcritic
  nokogiri (= 1.6.7.1)
  rake-foodcritic
  sophos-sg-rest

BUNDLED WITH
   1.16.0
